GEM
  remote: https://rubygems.org/
  specs:
    rack (3.1.16)

PLATFORMS
  ruby
  x86_64-darwin-22

DEPENDENCIES
  rack

BUNDLED WITH
   2.6.2
